GEM
  remote: https://rubygems.org/
  specs:
    coderay (1.1.3)
    method_source (1.0.0)
    pg (1.5.3)
    pry (0.14.2)
      coderay (~> 1.1)
      method_source (~> 1.0)

PLATFORMS
  arm64-darwin-20

DEPENDENCIES
  pg
  pry

RUBY VERSION
   ruby 3.1.3p185

BUNDLED WITH
   2.3.26
